GIT
  remote: git://github.com/sinatra/sinatra.git
  revision: af6dad2a6c31e31617712b15f455b2a3d3eb1c06
  branch: master
  specs:
    rack-protection (2.0.0.beta2)
      rack
    sinatra (2.0.0.beta2)
      mustermann (= 1.0.0.beta2)
      rack (~> 2.0)
      rack-protection (= 2.0.0.beta2)
      tilt (~> 2.0)

GEM
  remote: https://rubygems.org/
  specs:
    byebug (9.0.6)
    curb (0.9.3)
    mustermann (1.0.0.beta2)
    rack (2.0.1)
    tilt (2.0.5)

PLATFORMS
  ruby

DEPENDENCIES
  byebug
  curb
  sinatra!

RUBY VERSION
   ruby 2.3.1p112

BUNDLED WITH
   1.13.6
